GEM
  remote: https://rubygems.org/
  specs:
    concurrent-ruby (1.1.7)
    faker (2.13.0)
      i18n (>= 1.6, < 2)
    google-protobuf (3.13.0)
    googleapis-common-protos-types (1.0.5)
      google-protobuf (~> 3.11)
    grpc (1.31.1)
      google-protobuf (~> 3.12)
      googleapis-common-protos-types (~> 1.0)
    i18n (1.8.5)
      concurrent-ruby (~> 1.0)
    multi_json (1.15.0)

PLATFORMS
  ruby

DEPENDENCIES
  bundler
  faker
  grpc
  multi_json

BUNDLED WITH
   2.1.4
